GIT
  remote: git://github.com/sinatra/sinatra.git
  revision: 27d36fdad2104780b609aec8ac55f5fb8fa4ed18
  specs:
    rack-protection (2.0.0.beta2)
      rack
    sinatra (2.0.0.beta2)
      mustermann (= 1.0.0.beta2)
      rack (~> 2.0)
      rack-protection (= 2.0.0.beta2)
      tilt (~> 2.0)
    sinatra-contrib (2.0.0.beta2)
      backports (>= 2.0)
      multi_json
      mustermann (= 1.0.0.beta2)
      rack-protection (= 2.0.0.beta2)
      sinatra (= 2.0.0.beta2)
      tilt (>= 1.3, < 3)

GEM
  remote: https://rubygems.org/
  specs:
    ansi (1.5.0)
    backports (3.6.8)
    builder (3.2.2)
    coderay (1.1.1)
    dotenv (2.1.2)
    foreman (0.82.0)
      thor (~> 0.19.1)
    method_source (0.8.2)
    minitest (5.10.1)
    minitest-matchers (1.4.1)
      minitest (~> 5.0)
    minitest-reporters (1.1.13)
      ansi
      builder
      minitest (>= 5.0)
      ruby-progressbar
    multi_json (1.12.1)
    mustermann (1.0.0.beta2)
    pry (0.10.4)
      coderay (~> 1.1.0)
      method_source (~> 0.8.1)
      slop (~> 3.4)
    rack (2.0.1)
    rack-test (0.6.3)
      rack (>= 1.0)
    rake (12.0.0)
    redis (3.3.2)
    rmagick (2.16.0)
    ruby-progressbar (1.8.1)
    slop (3.6.0)
    thor (0.19.4)
    tilt (2.0.5)
    valid_attribute (2.0.0)

PLATFORMS
  ruby

DEPENDENCIES
  dotenv (~> 2.1, >= 2.1.1)
  foreman (= 0.82.0)
  minitest
  minitest-matchers
  minitest-reporters
  pry
  rack-test
  rake
  redis (= 3.3.2)
  rmagick (= 2.16.0)
  sinatra
  sinatra-contrib!
  valid_attribute

RUBY VERSION
   ruby 2.3.1p112

BUNDLED WITH
   1.13.6
