GEM
  remote: https://rubygems.org/
  specs:
    dotenv (2.1.1)
    foreman (0.82.0)
      thor (~> 0.19.1)
    rack (1.6.5)
    rack-protection (1.5.3)
      rack
    redis (3.3.2)
    rmagick (2.16.0)
    sinatra (1.4.7)
      rack (~> 1.5)
      rack-protection (~> 1.4)
      tilt (>= 1.3, < 3)
    thor (0.19.1)
    tilt (2.0.5)

PLATFORMS
  ruby

DEPENDENCIES
  dotenv (~> 2.1, >= 2.1.1)
  foreman (= 0.82.0)
  redis (= 3.3.2)
  rmagick (= 2.16.0)
  sinatra (= 1.4.7)

RUBY VERSION
   ruby 2.3.1p112

BUNDLED WITH
   1.13.6
